PATH
  remote: .
  specs:
    fluent-plugin-deis_output (0.1.0)
      fluent-mixin-config-placeholders
      fluent-mixin-plaintextformatter
      fluent-mixin-rewrite-tag-name
      fluentd
      influxdb (~> 0.3)
      nsq-ruby

GEM
  remote: https://rubygems.org/
  specs:
    cool.io (1.4.4)
    fluent-mixin-config-placeholders (0.4.0)
      fluentd
      uuidtools (>= 2.1.5)
    fluent-mixin-plaintextformatter (0.2.6)
      fluentd
      ltsv
    fluent-mixin-rewrite-tag-name (0.1.0)
      fluentd
    fluentd (0.14.0)
      cool.io (>= 1.4.3, < 2.0.0)
      http_parser.rb (>= 0.5.1, < 0.7.0)
      json (>= 1.4.3)
      msgpack (>= 0.7.0)
      serverengine (>= 1.6.4)
      sigdump (~> 0.2.2)
      strptime (>= 0.1.7)
      tzinfo (>= 1.0.0)
      tzinfo-data (>= 1.0.0)
      yajl-ruby (~> 1.0)
    http_parser.rb (0.6.0)
    influxdb (0.3.2)
      json
    json (1.8.3)
    ltsv (0.1.0)
    msgpack (0.7.6)
    nsq-ruby (1.6.0)
    power_assert (0.3.0)
    rake (10.5.0)
    serverengine (1.6.4)
      sigdump (~> 0.2.2)
    sigdump (0.2.4)
    strptime (0.1.8)
    test-unit (3.1.9)
      power_assert
    thread_safe (0.3.5)
    tzinfo (1.2.2)
      thread_safe (~> 0.1)
    tzinfo-data (1.2016.4)
      tzinfo (>= 1.0.0)
    uuidtools (2.1.5)
    yajl-ruby (1.2.1)

PLATFORMS
  ruby

DEPENDENCIES
  bundler (~> 1.3)
  fluent-plugin-deis_output!
  rake (~> 10.0)
  test-unit (~> 3.1.7)

BUNDLED WITH
   1.12.3
